GEM
  remote: https://rubygems.org/
  specs:
    dalli (2.6.4)
    dotenv (0.5.0)
    dropbox-sdk (1.6.1)
      json
    json (1.8.0)
    kgio (2.8.1)
    memcachier (0.0.2)
    newrelic_rpm (3.6.8.164)
    rack (1.5.2)
    rack-protection (1.5.0)
      rack
    raindrops (0.12.0)
    shotgun (0.9)
      rack (>= 1.0)
    sinatra (1.4.3)
      rack (~> 1.4)
      rack-protection (~> 1.4)
      tilt (~> 1.3, >= 1.3.4)
    tilt (1.4.1)
    unicorn (4.6.3)
      kgio (~> 2.6)
      rack
      raindrops (~> 0.7)

PLATFORMS
  ruby

DEPENDENCIES
  dalli
  dotenv
  dropbox-sdk
  memcachier
  newrelic_rpm
  shotgun
  sinatra
  unicorn
